GEM
  remote: https://rubygems.org/
  specs:
    adsf (1.2.0)
      rack (>= 1.0.0)
    builder (3.2.2)
    colored (1.2)
    cri (2.6.1)
      colored (~> 1.2)
    haml (4.0.6)
      tilt
    htmlentities (4.3.3)
    kramdown (1.5.0)
    mini_portile (0.6.2)
    nanoc (3.7.4)
      cri (~> 2.3)
    nokogiri (1.6.5)
      mini_portile (~> 0.6.0)
    rack (1.6.0)
    simple-rss (1.3.1)
    tilt (2.0.1)

PLATFORMS
  ruby

DEPENDENCIES
  adsf
  builder
  haml
  htmlentities
  kramdown
  nanoc
  nokogiri
  simple-rss
