GEM
  remote: https://rubygems.org/
  specs:
    adsf (1.1.1)
      rack (>= 1.0.0)
    colored (1.2)
    cri (2.3.0)
      colored (>= 1.2)
    haml (4.0.1)
      tilt
    kramdown (1.0.1)
    nanoc (3.6.2)
      cri (~> 2.3)
    nokogiri (1.5.9)
    rack (1.5.2)
    sass (3.2.7)
    tilt (1.3.6)

PLATFORMS
  ruby

DEPENDENCIES
  adsf
  haml
  kramdown
  nanoc
  nokogiri
  sass
