GEM
  remote: https://rubygems.org/
  specs:
    adsf (1.1.1)
      rack (>= 1.0.0)
    builder (3.2.2)
    celluloid (0.15.2)
      timers (~> 1.1.0)
    coderay (1.0.9)
    colored (1.2)
    cri (2.4.0)
      colored (>= 1.2)
    ffi (1.9.0)
    formatador (0.2.4)
    guard (2.0.3)
      formatador (>= 0.2.4)
      listen (~> 2.0)
      lumberjack (~> 1.0)
      pry (>= 0.9.12)
      thor (>= 0.18.1)
    guard-nanoc (1.0.1)
      guard (>= 1.8.0)
      nanoc (>= 3.6.3)
    haml (4.0.3)
      tilt
    htmlentities (4.3.1)
    kramdown (1.2.0)
    listen (2.0.3)
      celluloid (>= 0.15.2)
      rb-fsevent (>= 0.9.3)
      rb-inotify (>= 0.9)
    lumberjack (1.0.4)
    method_source (0.8.2)
    mini_portile (0.5.1)
    nanoc (3.6.5)
      cri (~> 2.3)
    nokogiri (1.6.0)
      mini_portile (~> 0.5.0)
    pry (0.9.12.2)
      coderay (~> 1.0.5)
      method_source (~> 0.8)
      slop (~> 3.4)
    rack (1.5.2)
    rb-fsevent (0.9.3)
    rb-inotify (0.9.2)
      ffi (>= 0.5.0)
    sass (3.2.12)
    simple-rss (1.2.3)
    slop (3.4.6)
    thor (0.18.1)
    tilt (1.4.1)
    timers (1.1.0)

PLATFORMS
  ruby

DEPENDENCIES
  adsf
  builder
  guard-nanoc
  haml
  htmlentities
  kramdown
  nanoc
  nokogiri
  sass
  simple-rss
