GEM
  remote: https://rubygems.org/
  specs:
    adsf (1.1.1)
      rack (>= 1.0.0)
    builder (3.2.0)
    colored (1.2)
    cri (2.3.0)
      colored (>= 1.2)
    haml (4.0.2)
      tilt
    htmlentities (4.3.1)
    kramdown (1.0.1)
    nanoc (3.6.2)
      cri (~> 2.3)
    nokogiri (1.5.9)
    rack (1.5.2)
    sass (3.2.7)
    simple-rss (1.2.3)
    tilt (1.3.7)

PLATFORMS
  ruby

DEPENDENCIES
  adsf
  builder
  haml
  htmlentities
  kramdown
  nanoc
  nokogiri
  sass
  simple-rss
