GEM
  remote: https://rubygems.org/
  specs:
    addressable (2.3.7)
    adsf (1.2.0)
      rack (>= 1.0.0)
    backports (3.6.4)
    builder (3.2.2)
    coderay (1.1.0)
    colored (1.2)
    cri (2.6.1)
      colored (~> 1.2)
    ethon (0.7.3)
      ffi (>= 1.3.0)
    faraday (0.9.1)
      multipart-post (>= 1.2, < 3)
    faraday_middleware (0.9.1)
      faraday (>= 0.7.4, < 0.10)
    ffi (1.9.6)
    gh (0.14.0)
      addressable
      backports
      faraday (~> 0.8)
      multi_json (~> 1.0)
      net-http-persistent (>= 2.7)
      net-http-pipeline
    haml (4.0.6)
      tilt
    highline (1.7.1)
    htmlentities (4.3.3)
    json (1.8.2)
    kramdown (1.5.0)
    launchy (2.4.3)
      addressable (~> 2.3)
    method_source (0.8.2)
    mini_portile (0.6.2)
    multi_json (1.11.0)
    multipart-post (2.0.0)
    nanoc (3.7.4)
      cri (~> 2.3)
    net-http-persistent (2.9.4)
    net-http-pipeline (1.0.1)
    nokogiri (1.6.5)
      mini_portile (~> 0.6.0)
    pry (0.9.12.6)
      coderay (~> 1.0)
      method_source (~> 0.8)
      slop (~> 3.4)
    pusher-client (0.6.0)
      json
      websocket (~> 1.0)
    rack (1.6.0)
    simple-rss (1.3.1)
    slop (3.6.0)
    tilt (2.0.1)
    travis (1.7.5)
      addressable (~> 2.3)
      backports
      faraday (~> 0.9)
      faraday_middleware (~> 0.9, >= 0.9.1)
      gh (~> 0.13)
      highline (~> 1.6)
      launchy (~> 2.1)
      pry (~> 0.9, < 0.10)
      pusher-client (~> 0.4)
      typhoeus (~> 0.6, >= 0.6.8)
    typhoeus (0.7.1)
      ethon (>= 0.7.1)
    websocket (1.2.1)

PLATFORMS
  ruby

DEPENDENCIES
  adsf
  builder
  haml
  htmlentities
  kramdown
  nanoc
  nokogiri
  simple-rss
  travis
