GEM
  remote: https://rubygems.org/
  specs:
    adsf (1.1.1)
      rack (>= 1.0.0)
    colored (1.2)
    cri (2.3.0)
      colored (>= 1.2)
    haml (4.0.0)
      tilt
    kramdown (0.14.2)
    nanoc (3.6.1)
      cri (~> 2.3)
    nokogiri (1.5.6)
    rack (1.5.2)
    sass (3.2.6)
    tilt (1.3.3)

PLATFORMS
  ruby

DEPENDENCIES
  adsf
  haml
  kramdown
  nanoc
  nokogiri
  sass
