GEM
  remote: https://rubygems.org/
  specs:
    adsf (1.4.6)
      rack (>= 1.0.0, < 3.0.0)
    builder (3.2.4)
    cri (2.15.11)
    haml (5.2.2)
      temple (>= 0.8.0)
      tilt
    htmlentities (4.3.4)
    kramdown (2.3.1)
      rexml
    mini_portile2 (2.6.1)
    nanoc (4.1.6)
      cri (~> 2.3)
    nokogiri (1.12.5)
      mini_portile2 (~> 2.6.1)
      racc (~> 1.4)
    racc (1.6.0)
    rack (2.2.3)
    rexml (3.2.5)
    simple-rss (1.3.3)
    temple (0.8.2)
    tilt (2.0.10)

PLATFORMS
  ruby

DEPENDENCIES
  adsf
  builder
  haml
  htmlentities
  kramdown
  nanoc (~> 4.1.1)
  nokogiri
  simple-rss

BUNDLED WITH
   2.2.9
