GEM
  remote: https://rubygems.org/
  specs:
    adsf (1.2.0)
      rack (>= 1.0.0)
    builder (3.2.2)
    colored (1.2)
    cri (2.6.0)
      colored (~> 1.2)
    haml (4.0.5)
      tilt
    htmlentities (4.3.1)
    kramdown (1.3.3)
    mini_portile (0.5.3)
    nanoc (3.6.8)
      cri (~> 2.3)
    nokogiri (1.6.1)
      mini_portile (~> 0.5.0)
    rack (1.5.2)
    sass (3.3.4)
    simple-rss (1.3.1)
    tilt (2.0.1)

PLATFORMS
  ruby

DEPENDENCIES
  adsf
  builder
  haml
  htmlentities
  kramdown
  nanoc
  nokogiri
  sass
  simple-rss
