GEM
  remote: https://rubygems.org/
  specs:
    adsf (1.2.0)
      rack (>= 1.0.0)
    builder (3.2.2)
    colored (1.2)
    cri (2.7.0)
      colored (~> 1.2)
    haml (4.0.7)
      tilt
    htmlentities (4.3.4)
    kramdown (1.9.0)
    mini_portile2 (2.0.0)
    nanoc (4.1.1)
      cri (~> 2.3)
    nokogiri (1.6.7.1)
      mini_portile2 (~> 2.0.0.rc2)
    rack (1.6.4)
    simple-rss (1.3.1)
    tilt (2.0.2)

PLATFORMS
  ruby

DEPENDENCIES
  adsf
  builder
  haml
  htmlentities
  kramdown
  nanoc
  nokogiri
  simple-rss

BUNDLED WITH
   2.2.9
