GEM
  remote: https://rubygems.org/
  specs:
    addressable (2.4.0)
    adsf (1.2.0)
      rack (>= 1.0.0)
    backports (3.6.7)
    builder (3.2.2)
    colored (1.2)
    cri (2.7.0)
      colored (~> 1.2)
    ethon (0.8.0)
      ffi (>= 1.3.0)
    faraday (0.9.2)
      multipart-post (>= 1.2, < 3)
    faraday_middleware (0.10.0)
      faraday (>= 0.7.4, < 0.10)
    ffi (1.9.10)
    gh (0.14.0)
      addressable
      backports
      faraday (~> 0.8)
      multi_json (~> 1.0)
      net-http-persistent (>= 2.7)
      net-http-pipeline
    haml (4.0.7)
      tilt
    highline (1.7.8)
    htmlentities (4.3.4)
    json (1.8.3)
    kramdown (1.9.0)
    launchy (2.4.3)
      addressable (~> 2.3)
    mini_portile2 (2.0.0)
    multi_json (1.11.2)
    multipart-post (2.0.0)
    nanoc (4.1.1)
      cri (~> 2.3)
    net-http-persistent (2.9.4)
    net-http-pipeline (1.0.1)
    nokogiri (1.6.7.1)
      mini_portile2 (~> 2.0.0.rc2)
    pusher-client (0.6.2)
      json
      websocket (~> 1.0)
    rack (1.6.4)
    simple-rss (1.3.1)
    tilt (2.0.2)
    travis (1.8.1)
      backports
      faraday (~> 0.9)
      faraday_middleware (~> 0.9, >= 0.9.1)
      gh (~> 0.13)
      highline (~> 1.6)
      launchy (~> 2.1)
      pusher-client (~> 0.4)
      typhoeus (~> 0.6, >= 0.6.8)
    typhoeus (0.8.0)
      ethon (>= 0.8.0)
    websocket (1.2.2)

PLATFORMS
  ruby

DEPENDENCIES
  adsf
  builder
  haml
  htmlentities
  kramdown
  nanoc
  nokogiri
  simple-rss
  travis
